PATH
  remote: .
  specs:
    aquatone (0.5.0)
      childprocess
      httparty (~> 0.14.0)

GEM
  remote: https://rubygems.org/
  specs:
    childprocess (0.9.0)
      ffi (~> 1.0, >= 1.0.11)
    ffi (1.9.25)
    httparty (0.14.0)
      multi_xml (>= 0.5.2)
    minitest (5.11.3)
    multi_xml (0.6.0)
    rake (13.0.1)

PLATFORMS
  ruby

DEPENDENCIES
  aquatone!
  bundler (~> 1.13)
  minitest (~> 5.0)
  rake (~> 13.0)

BUNDLED WITH
   1.16.1
