PATH
  remote: .
  specs:
    aquatone (0.5.0)
      childprocess
      httparty (>= 0.14, < 0.22)

GEM
  remote: https://rubygems.org/
  specs:
    childprocess (4.1.0)
    httparty (0.21.0)
      mini_mime (>= 1.0.0)
      multi_xml (>= 0.5.2)
    mini_mime (1.1.2)
    minitest (5.11.3)
    multi_xml (0.6.0)
    rake (10.5.0)

PLATFORMS
  ruby

DEPENDENCIES
  aquatone!
  bundler (~> 1.13)
  minitest (~> 5.0)
  rake (~> 10.0)

BUNDLED WITH
   1.16.1
